GEM
  remote: https://rubygems.org/
  specs:
    foreman (0.84.0)
      thor (~> 0.19.1)
    json (2.1.0)
    rack (1.6.13)
    sinatra (1.1.0)
      rack (~> 1.1)
      tilt (~> 1.1)
    thor (0.19.4)
    tilt (1.4.1)

PLATFORMS
  ruby

DEPENDENCIES
  foreman
  json
  sinatra (= 1.1.0)

BUNDLED WITH
   1.15.3
